GEM
  remote: https://rubygems.org/
  specs:
    bvh (1.0.1)
    mkrf (0.2.3)
    rake (0.9.2.2)
    ruby-opengl (0.60.2)
      mkrf (>= 0.2.0)
      rake
    rubysdl (2.1.2)

PLATFORMS
  ruby

DEPENDENCIES
  bvh
  ruby-opengl
  rubysdl
